GEM
  remote: https://rubygems.org/
  specs:
    base64 (0.2.0)
    ffi (1.17.0)
    ffi (1.17.0-x86_64-darwin)
    ffi-compiler (1.3.2)
      ffi (>= 1.15.5)
      rake
    logger (1.6.2)
    rake (13.2.1)
    rexml (3.3.9)
    rubyzip (2.3.2)
    selenium-webdriver (4.27.0)
      base64 (~> 0.2)
      logger (~> 1.4)
      rexml (~> 3.2, >= 3.2.5)
      rubyzip (>= 1.2.2, < 3.0)
      websocket (~> 1.0)
    webp-ffi (0.4.0)
      ffi (>= 1.9.0)
      ffi-compiler (>= 0.1.2)
    websocket (1.2.11)

PLATFORMS
  ruby
  x86_64-darwin-24

DEPENDENCIES
  selenium-webdriver (~> 4.27)
  webp-ffi (~> 0.4.0)

BUNDLED WITH
   2.5.22
